GEM
  remote: http://rubygems.org/
  specs:
    activesupport (3.0.0)
    aws-sdk (2.8.7)
      aws-sdk-resources (= 2.8.7)
    aws-sdk-core (2.8.7)
      aws-sigv4 (~> 1.0)
      jmespath (~> 1.0)
    aws-sdk-resources (2.8.7)
      aws-sdk-core (= 2.8.7)
    aws-sigv4 (1.0.0)
    bourbon (3.1.8)
      sass (>= 3.2.0)
      thor
    coderay (1.1.0)
    coffee-script (2.2.0)
      coffee-script-source
      execjs
    coffee-script-source (1.6.3)
    colored (1.2)
    configure-s3-website (2.0.0)
      aws-sdk (~> 2)
      deep_merge (~> 1.0.0)
    deep_merge (1.0.1)
    dotenv (1.0.2)
    em-websocket (0.5.0)
      eventmachine (>= 0.12.9)
      http_parser.rb (~> 0.5.3)
    eventmachine (1.0.3)
    execjs (1.4.0)
      multi_json (~> 1.0)
    ffi (1.9.0)
    formatador (0.2.4)
    git (1.2.9.1)
    guard (1.8.2)
      formatador (>= 0.2.4)
      listen (>= 1.0.0)
      lumberjack (>= 1.0.2)
      pry (>= 0.9.10)
      thor (>= 0.14.6)
    guard-coffeescript (1.3.2)
      coffee-script (>= 2.2.0)
      guard (>= 1.1.0)
    guard-haml (0.5)
      guard (>= 1.1)
      haml (>= 3.0)
    guard-livereload (1.4.0)
      em-websocket (>= 0.5.0)
      guard (>= 1.8.0)
      multi_json (~> 1.7)
    guard-sass (1.3.2)
      guard (>= 1.1.0)
      sass (>= 3.1)
    guard-shell (0.5.1)
      guard (>= 1.1.0)
    haml (4.0.3)
      tilt
    hashr (0.0.22)
    http_parser.rb (0.5.3)
    i18n (0.6.4)
    jmespath (1.3.1)
    kramdown (1.3.0)
    listen (1.3.1)
      rb-fsevent (>= 0.9.3)
      rb-inotify (>= 0.9)
      rb-kqueue (>= 0.2)
    lumberjack (1.0.4)
    method_source (0.8.2)
    multi_json (1.7.7)
    neat (1.2.1)
      bourbon (>= 2.1)
      sass (>= 3.2)
    pry (0.10.1)
      coderay (~> 1.1.0)
      method_source (~> 0.8.1)
      slop (~> 3.4)
    rack (1.5.2)
    rack-cors (1.0.3)
    rack-livereload (0.3.15)
      rack
    rack-nocache (0.1.0)
    rake (10.1.0)
    rb-fsevent (0.9.3)
    rb-inotify (0.9.1)
      ffi (>= 0.5.0)
    rb-kqueue (0.2.0)
      ffi (>= 0.5.0)
    ruby_gntp (0.3.4)
    s3_website (3.1.0)
      colored (= 1.2)
      configure-s3-website (= 2.0.0)
      dotenv (~> 1.0)
      thor (~> 0.18)
    sass (3.2.9)
    slop (3.6.0)
    thor (0.19.4)
    tilt (1.4.1)
    travis-lint (1.7.0)
      hashr (~> 0.0.22)
    wdm (0.1.0)

PLATFORMS
  ruby

DEPENDENCIES
  activesupport (~> 3)
  bourbon (~> 3.1.1)
  git (~> 1.2.9)
  guard (~> 1.8.2)
  guard-coffeescript (~> 1.3.2)
  guard-haml (~> 0.4)
  guard-livereload (~> 1.4.0)
  guard-sass (~> 1.3.2)
  guard-shell (~> 0.5.1)
  haml (~> 4.0.0)
  i18n (~> 0.6.4)
  kramdown (~> 1.3.0)
  neat (~> 1.2.0)
  rack (~> 1.5.2)
  rack-cors (~> 1.0.3)
  rack-livereload (~> 0.3.15)
  rack-nocache (~> 0.1.0)
  rake (~> 10.1.0)
  rb-fsevent (~> 0.9.3)
  rb-inotify (~> 0.9.0)
  ruby_gntp (~> 0.3.4)
  s3_website (~> 3.1.0)
  sass (~> 3.2.5)
  travis-lint
  wdm (~> 0.1.0)
