GEM
  remote: http://rubygems.org/
  specs:
    addressable (2.2.8)
    bourbon (1.4.0)
      sass (>= 3.1)
    capistrano (2.12.0)
      highline
      net-scp (>= 1.0.0)
      net-sftp (>= 2.0.0)
      net-ssh (>= 2.0.14)
      net-ssh-gateway (>= 1.1.0)
    coffee-script (2.2.0)
      coffee-script-source
      execjs
    coffee-script-source (1.3.3)
    em-websocket (0.3.6)
      addressable (>= 2.1.1)
      eventmachine (>= 0.12.9)
    eventmachine (0.12.10)
    execjs (1.4.0)
      multi_json (~> 1.0)
    ffi (1.0.11)
    guard (1.1.1)
      listen (>= 0.4.2)
      thor (>= 0.14.6)
    guard-coffeescript (1.0.0)
      coffee-script (>= 2.2.0)
      guard (>= 1.1.0)
    guard-haml (0.4)
      guard (>= 1.1)
      haml (>= 3.0)
    guard-livereload (1.0.0)
      em-websocket (>= 0.2.0)
      guard (>= 1.1.0)
      multi_json (~> 1.0)
    guard-markdown (0.2.0)
      guard (>= 0.2.2)
      kramdown (~> 0.13.3)
    guard-sass (0.7.1)
      guard (>= 1.1.0)
      sass (>= 3.1)
    guard-shell (0.5.1)
      guard (>= 1.1.0)
    haml (3.1.6)
    highline (1.6.12)
    kramdown (0.13.7)
    listen (0.4.4)
      rb-fchange (~> 0.0.5)
      rb-fsevent (~> 0.9.1)
      rb-inotify (~> 0.8.8)
    multi_json (1.3.6)
    net-scp (1.0.4)
      net-ssh (>= 1.99.1)
    net-sftp (2.0.5)
      net-ssh (>= 2.0.9)
    net-ssh (2.5.2)
    net-ssh-gateway (1.1.0)
      net-ssh (>= 1.99.1)
    rake (0.9.2.2)
    rb-fchange (0.0.5)
      ffi
    rb-fsevent (0.9.1)
    rb-inotify (0.8.8)
      ffi (>= 0.5.0)
    rvm-capistrano (1.2.2)
      capistrano (>= 2.0.0)
    sass (3.1.19)
    thor (0.15.2)

PLATFORMS
  ruby

DEPENDENCIES
  bourbon (~> 1.4)
  capistrano (~> 2.12)
  guard (~> 1.1)
  guard-coffeescript (~> 1.0.0)
  guard-haml (~> 0.3)
  guard-livereload (~> 1.0.0)
  guard-markdown (~> 0.2.0)
  guard-sass (~> 0.6)
  guard-shell (~> 0.4)
  haml (~> 3.1.6)
  kramdown (~> 0.13.6)
  rake (~> 0.9.2)
  rb-fsevent (~> 0.9.1)
  rvm-capistrano (~> 1.2.2)
  sass (~> 3.1.18)
